PATH
  remote: .
  specs:
    r00lz (0.1.0)
      rack

GEM
  remote: https://rubygems.org/
  specs:
    minitest (5.14.4)
    rack (2.2.3)
    rake (13.0.3)

PLATFORMS
  x86_64-linux

DEPENDENCIES
  minitest (~> 5.0)
  r00lz!
  rake (~> 13.0)

BUNDLED WITH
   2.2.26
